PATH
  remote: .
  specs:
    webhook_friend (1.0.0)

GEM
  remote: https://rubygems.org/
  specs:
    daemons (1.1.9)
    eventmachine (1.0.3)
    httpclient (2.3.4.1)
    multi_json (1.8.4)
    pusher (0.12.0)
      httpclient (~> 2.3.0)
      multi_json (~> 1.0)
      signature (~> 0.1.6)
    rack (1.5.2)
    rack-protection (1.5.1)
      rack
    signature (0.1.7)
    sinatra (1.4.4)
      rack (~> 1.4)
      rack-protection (~> 1.4)
      tilt (~> 1.3, >= 1.3.4)
    thin (1.6.1)
      daemons (>= 1.0.9)
      eventmachine (>= 1.0.0)
      rack (>= 1.0.0)
    tilt (1.4.1)
    yajl-ruby (1.2.0)

PLATFORMS
  ruby

DEPENDENCIES
  pusher
  sinatra
  thin
  webhook_friend!
  yajl-ruby
